GEM
  remote: https://rubygems.org/
  specs:
    jekyll-theme-persephone (0.2.6)

PLATFORMS
  ruby

DEPENDENCIES
  jekyll-theme-persephone

BUNDLED WITH
   1.17.3
